GEM
  remote: http://rubygems.org/
  specs:
    builder (3.0.0)
    git (1.11.0)
      rchardet (~> 1.8)
    guard (0.4.2)
      thor (~> 0.14.6)
    guard-bundler (0.1.3)
      bundler (>= 1.0.0)
      guard (>= 0.2.2)
    guard-test (0.3.0)
      guard (>= 0.2.2)
      test-unit (~> 2.2)
    heroku (3.99.4)
    hpricot (0.8.4)
    jeweler (1.6.2)
      bundler (~> 1.0)
      git (>= 1.2.5)
      rake
    maruku (0.6.0)
      syntax (>= 1.0.0)
    mime-types (1.25.1)
    rack (1.3.0)
    rake (13.0.6)
    rchardet (1.8.0)
    rdiscount (1.6.8)
    rest-client (1.6.14)
      mime-types (~> 1.16)
    riot (0.12.4)
      rr
    rr (1.0.2)
    ruby_slippers (0.2.15)
      builder
      hpricot
      maruku
      rack
      rake
      rdiscount
    sequel (3.20.0)
    shotgun (0.9)
      rack (>= 1.0)
    sinatra (1.0)
      rack (>= 1.0)
    sqlite3 (1.3.3)
    sqlite3-ruby (1.3.3)
      sqlite3 (>= 1.3.3)
    syntax (1.0.0)
    taps (0.3.23)
      rack (>= 1.0.1)
      rest-client (>= 1.4.0, < 1.7.0)
      sequel (~> 3.20.0)
      sinatra (~> 1.0.0)
      sqlite3-ruby (~> 1.2)
    test-unit (2.3.0)
    thor (0.14.6)

PLATFORMS
  ruby

DEPENDENCIES
  guard
  guard-bundler
  guard-test
  heroku
  jeweler
  riot
  ruby_slippers (= 0.2.15)
  shotgun
  taps
